GEM
  remote: https://rubygems.org/
  specs:
    mini_portile2 (2.3.0)
    nokogiri (1.8.1)
      mini_portile2 (~> 2.3.0)

PLATFORMS
  ruby

DEPENDENCIES
  nokogiri (~> 1.6, >= 1.6.8)

BUNDLED WITH
   1.16.0
